GEM
  remote: https://rubygems.org/
  specs:
    adsf (1.1.1)
      rack (>= 1.0.0)
    colored (1.2)
    cri (2.4.0)
      colored (>= 1.2)
    jsmin (1.0.1)
    mime-types (1.25)
    mini_portile (0.5.1)
    nanoc (3.6.5)
      cri (~> 2.3)
    nanoc-toolbox (0.1.3)
      jsmin (~> 1.0)
      nanoc (~> 3.6)
      nokogiri (~> 1.6)
    nokogiri (1.6.0)
      mini_portile (~> 0.5.0)
    rack (1.5.2)
    redcarpet (3.0.0)
    sass (3.2.12)

PLATFORMS
  ruby

DEPENDENCIES
  adsf
  mime-types
  nanoc
  nanoc-toolbox
  redcarpet
  sass
