GEM
  remote: https://rubygems.org/
  specs:
    adsf (1.1.1)
      rack (>= 1.0.0)
    builder (3.2.2)
    coderay (1.1.0)
    coffee-script (2.2.0)
      coffee-script-source
      execjs
    coffee-script-source (1.6.3)
    colored (1.2)
    cri (2.4.0)
      colored (>= 1.2)
    execjs (2.0.2)
    jsmin (1.0.1)
    json (1.8.1)
    libv8 (3.16.14.3)
    method_source (0.8.2)
    mime-types (2.0)
    mini_portile (0.5.2)
    nanoc (3.6.6)
      cri (~> 2.3)
    nanoc-toolbox (0.1.3)
      jsmin (~> 1.0)
      nanoc (~> 3.6)
      nokogiri (~> 1.6)
    nokogiri (1.6.0)
      mini_portile (~> 0.5.0)
    pry (0.9.12.3)
      coderay (~> 1.0)
      method_source (~> 0.8)
      slop (~> 3.4)
    rack (1.5.2)
    redcarpet (3.0.0)
    ref (1.0.5)
    sass (3.2.12)
    slop (3.4.6)
    stringex (1.4.0)
    therubyracer (0.12.0)
      libv8 (~> 3.16.14.0)
      ref
    uglifier (2.3.1)
      execjs (>= 0.3.0)
      json (>= 1.8.0)

PLATFORMS
  ruby

DEPENDENCIES
  adsf
  builder
  coderay
  coffee-script
  mime-types
  nanoc
  nanoc-toolbox
  pry
  redcarpet
  sass
  stringex
  therubyracer
  uglifier
