GEM
  remote: https://rubygems.org/
  specs:
    adsf (1.1.1)
      rack (>= 1.0.0)
    coffee-script (2.2.0)
      coffee-script-source
      execjs
    coffee-script-source (1.6.3)
    colored (1.2)
    cri (2.4.0)
      colored (>= 1.2)
    execjs (2.0.1)
    jsmin (1.0.1)
    libv8 (3.16.14.3)
    mime-types (1.25)
    mini_portile (0.5.1)
    multi_json (1.8.0)
    nanoc (3.6.5)
      cri (~> 2.3)
    nanoc-toolbox (0.1.3)
      jsmin (~> 1.0)
      nanoc (~> 3.6)
      nokogiri (~> 1.6)
    nokogiri (1.6.0)
      mini_portile (~> 0.5.0)
    rack (1.5.2)
    redcarpet (3.0.0)
    ref (1.0.5)
    sass (3.2.12)
    therubyracer (0.12.0)
      libv8 (~> 3.16.14.0)
      ref
    uglifier (2.2.1)
      execjs (>= 0.3.0)
      multi_json (~> 1.0, >= 1.0.2)

PLATFORMS
  ruby

DEPENDENCIES
  adsf
  coffee-script
  mime-types
  nanoc
  nanoc-toolbox
  redcarpet
  sass
  therubyracer
  uglifier
